GEM
  remote: https://rubygems.org/
  specs:
    coderay (1.0.8)
    diff-lcs (1.1.3)
    httparty (0.10.2)
      multi_json (~> 1.0)
      multi_xml (>= 0.5.2)
    method_source (0.8.1)
    multi_json (1.7.2)
    multi_xml (0.5.3)
    pry (0.9.11.4)
      coderay (~> 1.0.5)
      method_source (~> 0.8)
      slop (~> 3.4)
    rspec (2.12.0)
      rspec-core (~> 2.12.0)
      rspec-expectations (~> 2.12.0)
      rspec-mocks (~> 2.12.0)
    rspec-core (2.12.2)
    rspec-expectations (2.12.1)
      diff-lcs (~> 1.1.3)
    rspec-mocks (2.12.1)
    slop (3.4.3)

PLATFORMS
  ruby

DEPENDENCIES
  httparty
  pry
  rspec
